GEM
  remote: https://rubygems.org/
  specs:
    gosu (1.4.6)
    minigl (2.5.2)
      gosu (>= 0.11, < 2.0)
    pkg-config (1.5.6)
    rmagick (5.3.0)
      pkg-config (~> 1.4)

PLATFORMS
  x86_64-linux

DEPENDENCIES
  minigl (>= 2.5.2)
  rmagick

BUNDLED WITH
   2.4.10
